PATH
  remote: .
  specs:
    meta (0.0.1)

GEM
  remote: https://rubygems.org/
  specs:
    colorize (0.6.0)
    daemons (1.1.9)
    eventmachine (1.0.3)
    haml (4.0.4)
      tilt
    highline (1.6.20)
    rack (1.5.2)
    rake (10.1.0)
    redcarpet (3.0.0)
    sequel (4.5.0)
    sqlite3 (1.3.8)
    thin (1.6.1)
      daemons (>= 1.0.9)
      eventmachine (>= 1.0.0)
      rack (>= 1.0.0)
    thor (0.18.1)
    tilt (2.0.0)

PLATFORMS
  ruby

DEPENDENCIES
  bundler (~> 1.3)
  colorize
  haml
  highline
  meta!
  rack
  rake
  redcarpet
  sequel
  sqlite3
  thin
  thor
  tilt
